PATH
  remote: .
  specs:
    prime_numbers (0.1.0)
      prime

GEM
  remote: https://rubygems.org/
  specs:
    coderay (1.1.3)
    forwardable (1.3.3)
    method_source (1.0.0)
    minitest (5.17.0)
    prime (0.1.2)
      forwardable
      singleton
    pry (0.14.2)
      coderay (~> 1.1)
      method_source (~> 1.0)
    rake (13.0.6)
    singleton (0.1.1)

PLATFORMS
  x86_64-darwin-21

DEPENDENCIES
  minitest (~> 5.0)
  prime_numbers!
  pry
  rake (~> 13.0)

BUNDLED WITH
   2.3.26
