PATH
  remote: .
  specs:
    class_design (0.1.0)
      zeitwerk

GEM
  remote: https://rubygems.org/
  specs:
    coderay (1.1.3)
    method_source (1.0.0)
    minitest (5.17.0)
    pry (0.14.2)
      coderay (~> 1.1)
      method_source (~> 1.0)
    rake (13.0.6)
    zeitwerk (2.6.6)

PLATFORMS
  x86_64-darwin-21

DEPENDENCIES
  class_design!
  minitest (~> 5.0)
  pry
  rake (~> 13.0)

BUNDLED WITH
   2.3.26
